GEM
  remote: https://rubygems.org/
  specs:
    addressable (2.4.0)
    base62-rb (0.3.1)
    chronic (0.10.2)
    contentful (0.10.0)
      http (~> 0.8)
      multi_json (~> 1)
    contentful-database-importer (0.2.0)
      base62-rb
      contentful-management (~> 0.9)
      contentful_bootstrap (~> 3.0)
      mimemagic
      sequel (~> 4.39)
    contentful-management (0.9.0)
      http (~> 0.8)
      multi_json (~> 1)
    contentful_bootstrap (3.3.0)
      contentful (~> 0.7)
      contentful-management (~> 0.9)
      inifile
      launchy
    domain_name (0.5.20161129)
      unf (>= 0.0.5, < 1.0.0)
    http (0.9.9)
      addressable (~> 2.3)
      http-cookie (~> 1.0)
      http-form_data (~> 1.0.1)
      http_parser.rb (~> 0.6.0)
    http-cookie (1.0.3)
      domain_name (~> 0.5)
    http-form_data (1.0.1)
    http_parser.rb (0.6.0)
    inifile (3.0.0)
    launchy (2.4.3)
      addressable (~> 2.3)
    mimemagic (0.3.2)
    multi_json (1.12.1)
    sequel (4.41.0)
    sqlite3 (1.3.11)
    unf (0.2.0.beta2)

PLATFORMS
  ruby

DEPENDENCIES
  chronic (~> 0.10.2)
  contentful-database-importer
  contentful_bootstrap
  sqlite3

BUNDLED WITH
   1.12.5
